GIT
  remote: git://github.com/lazylester/message_block.git
  revision: 5625524b0654578411177b6579e1ae9d0527872b
  specs:
    message_block (1.0.4)
      rails (>= 3.0.0)

GIT
  remote: git://github.com/mustardseeddatabase/doccex.git
  revision: f8735b4a3efb134564aa5c0bdbede28052f79b93
  specs:
    doccex (0.0.1)
      haml
      rails (~> 3.2.5)

GIT
  remote: git://github.com/mustardseeddatabase/rbarcode.git
  revision: 0752bbf36902fa8b3f324141d19b6704f9783f44
  specs:
    rbarcode (1.0.0)
      rmagick

GIT
  remote: git://github.com/sstephenson/ruby-ejs.git
  revision: 674a334be4d17e4cee9eecd60fc11733eccfeeb1
  specs:
    ejs (1.1.1)

GIT
  remote: git://github.com/stympy/faker.git
  revision: 6688938eceae2f94d0b7b07c6717ae86a954c942
  specs:
    faker (1.1.2)
      i18n (~> 0.5)

GIT
  remote: https://github.com/thoughtbot/factory_girl.git
  revision: 41e1ff7cd61135739ff43c1716b1fe00da1b4c3a
  specs:
    factory_girl (4.1.0)
      activesupport (>= 3.0.0)

PATH
  remote: vendor/gems/db_check
  specs:
    db_check (0.0.1)

PATH
  remote: vendor/gems/delegate_multiparameter
  specs:
    delegate_multiparameter (0.0.1)

PATH
  remote: vendor/gems/summary_report
  specs:
    summary_report (0.0.1)

GEM
  remote: https://gems.gemfury.com/8n1rdTK8pezvcsyVmmgJ/
  remote: http://rubygems.org/
  specs:
    actionmailer (3.2.8)
      actionpack (= 3.2.8)
      mail (~> 2.4.4)
    actionpack (3.2.8)
      activemodel (= 3.2.8)
      activesupport (= 3.2.8)
      builder (~> 3.0.0)
      erubis (~> 2.7.0)
      journey (~> 1.0.4)
      rack (~> 1.4.0)
      rack-cache (~> 1.2)
      rack-test (~> 0.6.1)
      sprockets (~> 2.1.3)
    active_reload (0.6.1)
    activemodel (3.2.8)
      activesupport (= 3.2.8)
      builder (~> 3.0.0)
    activerecord (3.2.8)
      activemodel (= 3.2.8)
      activesupport (= 3.2.8)
      arel (~> 3.0.2)
      tzinfo (~> 0.3.29)
    activeresource (3.2.8)
      activemodel (= 3.2.8)
      activesupport (= 3.2.8)
    activesupport (3.2.8)
      i18n (~> 0.6)
      multi_json (~> 1.0)
    addressable (2.3.2)
    archive-tar-minitar (0.5.2)
    arel (3.0.2)
    authengine (0.0.2)
      capybara
      database_cleaner
      factory_girl_rails
      faker
      flexmock
      haml
      jasmine
      jasminerice
      message_block
      rails (~> 3.2.5)
      rspec (>= 2.0.0)
      rspec-rails (>= 2.0.0)
      sqlite3-ruby
    builder (3.0.0)
    capistrano (2.12.0)
    capybara (1.1.2)
      mime-types (>= 1.16)
      nokogiri (>= 1.3.3)
      rack (>= 1.0.0)
      rack-test (>= 0.5.4)
      selenium-webdriver (~> 2.0)
      xpath (~> 0.1.4)
    capybara-webkit (0.12.1)
      capybara (>= 1.0.0, < 1.2)
      json
    carrierwave (0.6.2)
      activemodel (>= 3.2.0)
      activesupport (>= 3.2.0)
    childprocess (0.3.6)
      ffi (~> 1.0, >= 1.0.6)
    client_side_validations (3.2.1)
    coffee-rails (3.2.2)
      coffee-script (>= 2.2.0)
      railties (~> 3.2.0)
    coffee-script (2.2.0)
      coffee-script-source
      execjs
    coffee-script-source (1.3.3)
    columnize (0.3.6)
    cucumber (1.2.1)
      builder (>= 2.1.2)
      diff-lcs (>= 1.1.3)
      gherkin (~> 2.11.0)
      json (>= 1.4.6)
    cucumber-rails (1.3.0)
      capybara (>= 1.1.2)
      cucumber (>= 1.1.8)
      nokogiri (>= 1.5.0)
    database_cleaner (0.9.1)
    diff-lcs (1.1.3)
    email_spec (1.2.1)
      mail (~> 2.2)
      rspec (~> 2.0)
    erubis (2.7.0)
    execjs (1.4.0)
      multi_json (~> 1.0)
    factory_girl_rails (4.1.0)
      factory_girl (~> 4.1.0)
      railties (>= 3.0.0)
    ffi (1.1.5)
    flexmock (1.0.4)
    gherkin (2.11.5)
      json (>= 1.4.6)
    haml (3.1.7)
    haml-rails (0.3.5)
      actionpack (>= 3.1, < 4.1)
      activesupport (>= 3.1, < 4.1)
      haml (~> 3.1)
      railties (>= 3.1, < 4.1)
    haml_assets (0.2.1)
      haml
      tilt
    hike (1.2.1)
    i18n (0.6.1)
    jasmine (1.2.1)
      jasmine-core (>= 1.2.0)
      rack (~> 1.0)
      rspec (>= 1.3.1)
      selenium-webdriver (>= 0.1.3)
    jasmine-core (1.2.0)
    jasminerice (0.0.10)
      coffee-rails
      haml
    journey (1.0.4)
    jquery-rails (2.1.3)
      railties (>= 3.1.0, < 5.0)
      thor (~> 0.14)
    json (1.7.5)
    launchy (2.1.2)
      addressable (~> 2.3)
    libv8 (3.3.10.4)
    libwebsocket (0.1.5)
      addressable
    linecache19 (0.5.13)
      ruby_core_source (>= 0.1.4)
    mail (2.4.4)
      i18n (>= 0.4.0)
      mime-types (~> 1.16)
      treetop (~> 1.4.8)
    metaclass (0.0.1)
    mime-types (1.19)
    mocha (0.12.7)
      metaclass (~> 0.0.1)
    multi_json (1.3.6)
    mysql2 (0.3.11)
    nokogiri (1.5.5)
    polyglot (0.3.3)
    rack (1.4.1)
    rack-cache (1.2)
      rack (>= 0.4)
    rack-ssl (1.3.2)
      rack
    rack-test (0.6.2)
      rack (>= 1.0)
    rails (3.2.8)
      actionmailer (= 3.2.8)
      actionpack (= 3.2.8)
      activerecord (= 3.2.8)
      activeresource (= 3.2.8)
      activesupport (= 3.2.8)
      bundler (~> 1.0)
      railties (= 3.2.8)
    railties (3.2.8)
      actionpack (= 3.2.8)
      activesupport (= 3.2.8)
      rack-ssl (~> 1.3.2)
      rake (>= 0.8.7)
      rdoc (~> 3.4)
      thor (>= 0.14.6, < 2.0)
    rake (0.9.2.2)
    rdoc (3.12)
      json (~> 1.4)
    remotipart (1.0.2)
    rmagick (2.13.1)
    rspec (2.11.0)
      rspec-core (~> 2.11.0)
      rspec-expectations (~> 2.11.0)
      rspec-mocks (~> 2.11.0)
    rspec-core (2.11.1)
    rspec-expectations (2.11.3)
      diff-lcs (~> 1.1.3)
    rspec-mocks (2.11.3)
    rspec-rails (2.11.4)
      actionpack (>= 3.0)
      activesupport (>= 3.0)
      railties (>= 3.0)
      rspec (~> 2.11.0)
    ruby-debug-base19 (0.11.26)
      columnize (>= 0.3.1)
      linecache19 (>= 0.5.11)
      ruby_core_source (>= 0.1.4)
    ruby-debug19 (0.11.6)
      columnize (>= 0.3.1)
      linecache19 (>= 0.5.11)
      ruby-debug-base19 (>= 0.11.19)
    ruby_core_source (0.1.5)
      archive-tar-minitar (>= 0.5.2)
    rubyzip (0.9.9)
    sass (3.2.1)
    sass-rails (3.2.5)
      railties (~> 3.2.0)
      sass (>= 3.1.10)
      tilt (~> 1.3)
    selenium-webdriver (2.25.0)
      childprocess (>= 0.2.5)
      libwebsocket (~> 0.1.3)
      multi_json (~> 1.0)
      rubyzip
    spork (0.9.2)
    sprockets (2.1.3)
      hike (~> 1.2)
      rack (~> 1.0)
      tilt (~> 1.1, != 1.3.0)
    sqlite3 (1.3.6)
    sqlite3-ruby (1.3.3)
      sqlite3 (>= 1.3.3)
    therubyracer (0.10.2)
      libv8 (~> 3.3.10)
    thor (0.16.0)
    tilt (1.3.3)
    treetop (1.4.11)
      polyglot
      polyglot (>= 0.3.1)
    tzinfo (0.3.33)
    uglifier (1.3.0)
      execjs (>= 0.3.0)
      multi_json (~> 1.0, >= 1.0.2)
    xpath (0.1.4)
      nokogiri (~> 1.3)

PLATFORMS
  ruby

DEPENDENCIES
  active_reload
  authengine
  capistrano
  capybara-webkit
  carrierwave
  client_side_validations
  coffee-rails (~> 3.2.1)
  cucumber-rails (>= 0.5.1)
  database_cleaner
  db_check!
  delegate_multiparameter!
  doccex!
  ejs!
  email_spec
  execjs
  factory_girl!
  factory_girl_rails
  faker!
  flexmock
  haml
  haml-rails
  haml_assets
  jasminerice
  jquery-rails
  launchy
  linecache19 (>= 0.5.13)
  message_block!
  mocha
  mysql2
  rails (~> 3.2.0)
  rbarcode!
  remotipart (~> 1.0)
  rspec
  rspec-rails
  ruby-debug-base19 (>= 0.11.26)
  ruby-debug19
  sass-rails (~> 3.2.3)
  selenium-webdriver
  spork (~> 0.9.0.rc)
  sprockets
  sqlite3-ruby
  summary_report!
  therubyracer
  uglifier (>= 1.0.3)
